PATH
  remote: .
  specs:
    happening (0.1.0)
      activesupport
      em-http-request
      i18n

GEM
  remote: http://rubygems.org/
  specs:
    activesupport (3.0.5)
    addressable (2.2.4)
    em-http-request (0.3.0)
      addressable (>= 2.0.0)
      escape_utils
      eventmachine (>= 0.12.9)
    escape_utils (0.2.3)
    eventmachine (0.12.10)
    i18n (0.5.0)
    mocha (0.9.12)
    shoulda (2.11.3)

PLATFORMS
  ruby

DEPENDENCIES
  happening!
  mocha
  shoulda
